GEM
  remote: http://rubygems.org/
  specs:
    RedCloth (4.2.3)
    actionmailer (2.3.8)
      actionpack (= 2.3.8)
    actionpack (2.3.8)
      activesupport (= 2.3.8)
      rack (~> 1.1.0)
    activerecord (2.3.8)
      activesupport (= 2.3.8)
    activeresource (2.3.8)
      activesupport (= 2.3.8)
    activesupport (2.3.8)
    authlogic (2.1.3)
      activesupport
    builder (2.1.2)
    curb (0.7.1)
    declarative_authorization (0.4)
      rails (>= 2.1.0)
    feedzirra (0.0.23)
      activesupport (>= 2.0.0)
      builder (>= 2.1.2)
      curb (>= 0.2.3)
      loofah (>= 0.3.1)
      nokogiri (> 0.0.0)
      sax-machine (>= 0.0.12)
    hirb (0.4.0)
    json (1.4.6)
    loofah (0.4.7)
      nokogiri (>= 1.3.3)
    nokogiri (1.4.3.1)
    pg (0.9.0)
    rack (1.1.0)
    rails (2.3.8)
      actionmailer (= 2.3.8)
      actionpack (= 2.3.8)
      activerecord (= 2.3.8)
      activeresource (= 2.3.8)
      activesupport (= 2.3.8)
      rake (>= 0.8.3)
    rake (0.8.7)
    sax-machine (0.0.15)
      nokogiri (> 0.0.0)
    sqlite3-ruby (1.2.5)
    will_paginate (2.3.11)

PLATFORMS
  ruby

DEPENDENCIES
  RedCloth
  authlogic (= 2.1.3)
  curb (= 0.7.1)
  declarative_authorization (= 0.4)
  feedzirra (= 0.0.23)
  hirb
  json (= 1.4.6)
  pg
  rails (= 2.3.8)
  sqlite3-ruby
  will_paginate (= 2.3.11)
